GEM
  remote: https://rubygems.org/
  specs:
    addressable (2.4.0)
    builder (3.2.2)
    capybara (2.6.0)
      addressable
      mime-types (>= 1.16)
      nokogiri (>= 1.3.3)
      rack (>= 1.0.0)
      rack-test (>= 0.5.4)
      xpath (~> 2.0)
    cucumber (2.3.2)
      builder (>= 2.1.2)
      cucumber-core (~> 1.4.0)
      cucumber-wire (~> 0.0.1)
      diff-lcs (>= 1.1.3)
      gherkin (~> 3.2.0)
      multi_json (>= 1.7.5, < 2.0)
      multi_test (>= 0.1.2)
    cucumber-core (1.4.0)
      gherkin (~> 3.2.0)
    cucumber-wire (0.0.1)
    diff-lcs (1.2.5)
    faker (1.6.1)
      i18n (~> 0.5)
    gherkin (3.2.0)
    i18n (0.7.0)
    mime-types (3.0)
      mime-types-data (~> 3.2015)
    mime-types-data (3.2015.1120)
    mini_portile2 (2.0.0)
    multi_json (1.11.2)
    multi_test (0.1.2)
    nokogiri (1.6.7.2)
      mini_portile2 (~> 2.0.0.rc2)
    rack (1.6.4)
    rack-test (0.6.3)
      rack (>= 1.0)
    xpath (2.0.0)
      nokogiri (~> 1.3)

PLATFORMS
  ruby

DEPENDENCIES
  capybara
  cucumber
  faker

BUNDLED WITH
   1.11.2
