GEM
  remote: https://rubygems.org/
  specs:
    benchmark-ips (2.3.0)

PLATFORMS
  ruby

DEPENDENCIES
  benchmark-ips

BUNDLED WITH
   1.11.2
